GEM
  remote: https://rubygems.org/
  specs:
    rake (12.3.2)

PLATFORMS
  x64-mingw32

DEPENDENCIES
  rake

RUBY VERSION
   ruby 2.5.3p105

BUNDLED WITH
   2.0.1
